GEM
  remote: http://rubygems.org/
  specs:
    activemodel (4.0.0)
      activesupport (= 4.0.0)
      builder (~> 3.1.0)
    activesupport (4.0.0)
      i18n (~> 0.6, >= 0.6.4)
      minitest (~> 4.2)
      multi_json (~> 1.3)
      thread_safe (~> 0.1)
      tzinfo (~> 0.3.37)
    ansi (1.4.3)
    atomic (1.1.13)
    builder (3.1.4)
    hashr (0.0.22)
    i18n (0.6.5)
    mime-types (1.25)
    minitest (4.7.5)
    multi_json (1.7.9)
    rake (10.1.0)
    rest-client (1.6.7)
      mime-types (>= 1.16)
    thread_safe (0.1.2)
      atomic
    tire (0.6.0)
      activemodel (>= 3.0)
      activesupport
      ansi
      hashr (~> 0.0.19)
      multi_json (~> 1.3)
      rake
      rest-client (~> 1.6)
    tzinfo (0.3.37)

PLATFORMS
  ruby

DEPENDENCIES
  tire
